GIT
  remote: https://github.com/sadysnaat/colorizr.git
  revision: a5d656fe2409d263c2a4df67340909543479c806
  branch: master
  specs:
    colorizr (0.0.1)

GEM
  remote: https://rubygems.org/
  specs:
    faker (1.6.3)
      i18n (~> 0.5)
    i18n (0.7.0)

PLATFORMS
  ruby

DEPENDENCIES
  colorizr!
  faker

BUNDLED WITH
   1.11.2
